GEM
  remote: https://rubygems.org/
  specs:
    effuse (2.1.0)

PLATFORMS
  ruby

DEPENDENCIES
  effuse (~> 2.1.0)
